GEM
  remote: https://rubygems.org/
  specs:
    actionpack (8.0.1)
      actionview (= 8.0.1)
      activesupport (= 8.0.1)
      nokogiri (>= 1.8.5)
      rack (>= 2.2.4)
      rack-session (>= 1.0.1)
      rack-test (>= 0.6.3)
      rails-dom-testing (~> 2.2)
      rails-html-sanitizer (~> 1.6)
      useragent (~> 0.16)
    actionview (8.0.1)
      activesupport (= 8.0.1)
      builder (~> 3.1)
      erubi (~> 1.11)
      rails-dom-testing (~> 2.2)
      rails-html-sanitizer (~> 1.6)
    activesupport (8.0.1)
      base64
      benchmark (>= 0.3)
      bigdecimal
      concurrent-ruby (~> 1.0, >= 1.3.1)
      connection_pool (>= 2.2.5)
      drb
      i18n (>= 1.6, < 2)
      logger (>= 1.4.2)
      minitest (>= 5.1)
      securerandom (>= 0.3)
      tzinfo (~> 2.0, >= 2.0.5)
      uri (>= 0.13.1)
    base64 (0.2.0)
    benchmark (0.3.0)
    bigdecimal (3.1.8)
    builder (3.3.0)
    concurrent-ruby (1.3.4)
    connection_pool (2.4.1)
    crass (1.0.6)
    drb (2.2.1)
    erubi (1.13.0)
    i18n (1.14.6)
      concurrent-ruby (~> 1.0)
    logger (1.6.1)
    loofah (2.22.0)
      crass (~> 1.0.2)
      nokogiri (>= 1.12.0)
    minitest (5.25.1)
    nokogiri (1.16.7-arm64-darwin)
      racc (~> 1.4)
    racc (1.8.1)
    rack (3.1.7)
    rack-session (2.0.0)
      rack (>= 3.0.0)
    rack-test (2.1.0)
      rack (>= 1.3)
    rackup (2.2.1)
      rack (>= 3)
    rails-dom-testing (2.2.0)
      activesupport (>= 5.0.0)
      minitest
      nokogiri (>= 1.6)
    rails-html-sanitizer (1.6.0)
      loofah (~> 2.21)
      nokogiri (~> 1.14)
    securerandom (0.3.1)
    tzinfo (2.0.6)
      concurrent-ruby (~> 1.0)
    uri (1.0.2)
    useragent (0.16.11)
    webrick (1.8.1)

PLATFORMS
  arm64-darwin

DEPENDENCIES
  actionpack
  rack
  rackup
  webrick

RUBY VERSION
   ruby 3.3.4p94

BUNDLED WITH
   2.5.11
